GIT
  remote: git://github.com/babney/mpc.git
  revision: e2e453ea99e2da03722da71c143356b7e4538081
  specs:
    mpc (0.8)
      rubytree

GEM
  remote: http://rubygems.org/
  specs:
    json (1.4.6)
    rack (1.2.1)
    rubytree (0.8.1)
    sinatra (1.1.0)
      rack (~> 1.1)
      tilt (~> 1.1)
    tilt (1.1)

PLATFORMS
  ruby

DEPENDENCIES
  json
  mpc!
  rubytree
  sinatra
