GIT
  remote: git://github.com/babney/mpc.git
  revision: 023f6cb95ee7a7a82e53541b23f424281c12feb7
  specs:
    mpc (0.8)
      rubytree

GEM
  remote: http://rubygems.org/
  specs:
    andand (1.3.1)
    json (1.4.6)
    rack (1.2.1)
    rubytree (0.8.1)
    sinatra (1.1.2)
      rack (~> 1.1)
      tilt (~> 1.2)
    tilt (1.2.1)

PLATFORMS
  ruby

DEPENDENCIES
  andand
  json
  mpc!
  rubytree
  sinatra
