GIT
  remote: git://github.com/babney/mpc.git
  revision: 0a5f32c4d50bb86ed13b5f0e540944e7b4c4b669
  specs:
    mpc (0.8)
      rubytree

GEM
  remote: http://rubygems.org/
  specs:
    json (1.4.6)
    rack (1.2.1)
    rubytree (0.8.1)
    sinatra (1.1.0)
      rack (~> 1.1)
      tilt (~> 1.1)
    tilt (1.2.1)

PLATFORMS
  ruby

DEPENDENCIES
  json
  mpc!
  rubytree
  sinatra
