GIT
  remote: git://github.com/babney/mpc.git
  revision: 023f6cb95ee7a7a82e53541b23f424281c12feb7
  specs:
    mpc (0.8)
      rubytree

GEM
  remote: https://rubygems.org/
  specs:
    andand (1.3.1)
    json (1.8.1)
    rack (1.5.2)
    rack-protection (1.5.3)
      rack
    rubytree (0.8.1)
    sinatra (1.4.5)
      rack (~> 1.4)
      rack-protection (~> 1.4)
      tilt (~> 1.3, >= 1.3.4)
    tilt (1.4.1)

PLATFORMS
  ruby

DEPENDENCIES
  andand
  json
  mpc!
  rubytree
  sinatra
